GEM
  remote: https://rubygems.org/
  specs:
    concurrent-ruby (1.3.4)
    diff-lcs (1.5.1)
    faker (3.5.1)
      i18n (>= 1.8.11, < 2)
    hanami-router (2.2.0)
      mustermann (~> 3.0)
      mustermann-contrib (~> 3.0)
      rack (~> 2.0)
    hansi (0.2.1)
    i18n (1.14.6)
      concurrent-ruby (~> 1.0)
    json (2.8.2)
    mustermann (3.0.3)
      ruby2_keywords (~> 0.0.1)
    mustermann-contrib (3.0.3)
      hansi (~> 0.2.0)
      mustermann (= 3.0.3)
    rack (2.2.10)
    rack-test (2.1.0)
      rack (>= 1.3)
    rspec (3.13.0)
      rspec-core (~> 3.13.0)
      rspec-expectations (~> 3.13.0)
      rspec-mocks (~> 3.13.0)
    rspec-core (3.13.2)
      rspec-support (~> 3.13.0)
    rspec-expectations (3.13.3)
      diff-lcs (>= 1.2.0, < 2.0)
      rspec-support (~> 3.13.0)
    rspec-mocks (3.13.2)
      diff-lcs (>= 1.2.0, < 2.0)
      rspec-support (~> 3.13.0)
    rspec-support (3.13.1)
    ruby2_keywords (0.0.5)
    webrick (1.9.0)

PLATFORMS
  arm64-darwin-23
  ruby

DEPENDENCIES
  faker
  hanami-router
  json
  rack
  rack-test
  rspec
  webrick

BUNDLED WITH
   2.5.13
